GEM
  remote: https://rubygems.org/
  specs:
    concurrent-ruby (1.1.10)
    et-orbi (1.2.7)
      tzinfo
    fugit (1.7.1)
      et-orbi (~> 1, >= 1.2.7)
      raabro (~> 1.4)
    mustermann (3.0.0)
      ruby2_keywords (~> 0.0.1)
    nio4r (2.5.8)
    prometheus-client (4.0.0)
    puma (5.6.5)
      nio4r (~> 2.0)
    raabro (1.4.0)
    rack (2.2.4)
    rack-protection (3.0.0)
      rack
    ruby2_keywords (0.0.5)
    rufus-scheduler (3.8.2)
      fugit (~> 1.1, >= 1.1.6)
    sinatra (3.0.0)
      mustermann (~> 3.0)
      rack (~> 2.2, >= 2.2.4)
      rack-protection (= 3.0.0)
      tilt (~> 2.0)
    tilt (2.0.11)
    tzinfo (2.0.5)
      concurrent-ruby (~> 1.0)

PLATFORMS
  ruby

DEPENDENCIES
  prometheus-client
  puma
  rufus-scheduler
  sinatra

BUNDLED WITH
   2.1.4
